GIT
  remote: https://github.com/PlasticLizard/em-synchrony.git
  revision: fc2fbf8cda26ee5f1ebf4bac7fbd094fdc1624fe
  specs:
    em-synchrony (0.3.0.beta.1)
      eventmachine (>= 1.0.0.beta.1)

GIT
  remote: https://github.com/postrank-labs/goliath.git
  revision: 8af13667dd4ce6b44fbb6792d74923443b44be17
  specs:
    goliath (0.9.2)
      async-rack
      em-synchrony (>= 0.3.0.beta.1)
      eventmachine (>= 1.0.0.beta.3)
      http_parser.rb
      http_router (~> 0.9.0)
      log4r
      multi_json
      rack (>= 1.2.2)
      rack-contrib
      rack-respond_to

PATH
  remote: ~/Code/wonkavision
  specs:
    wonkavision (0.9.0)
      activesupport (>= 2.3)
      i18n

GEM
  remote: http://rubygems.org/
  specs:
    activesupport (3.0.9)
    addressable (2.2.6)
    amq-client (0.7.0.alpha35)
      amq-protocol (>= 0.7.0.alpha6)
      eventmachine
    amq-protocol (0.7.0.alpha7)
    amqp (0.8.0.rc13)
      amq-client (>= 0.7.0.alpha34)
      amq-protocol (>= 0.7.0.alpha6)
      eventmachine
    async-rack (0.5.1)
      rack (~> 1.1)
    bson (1.3.1)
    bson_ext (1.3.1)
    coderay (0.9.8)
    diff-lcs (1.1.2)
    em-http-request (1.0.0.beta.4)
      addressable (>= 2.2.3)
      em-socksify
      eventmachine (>= 1.0.0.beta.3)
      http_parser.rb (>= 0.5.1)
    em-mongo (0.4.0)
      bson (>= 1.1.3)
      bson_ext (>= 1.1.3)
      eventmachine (>= 0.12.10)
    em-socksify (0.1.0)
      eventmachine
    eventmachine (1.0.0.beta.3)
    http_parser.rb (0.5.1)
    http_router (0.9.7)
      rack (>= 1.0.0)
      url_mount (~> 0.2.1)
    i18n (0.6.0)
    log4r (1.1.9)
    method_source (0.6.0)
      ruby_parser (>= 2.0.5)
    mongo (1.3.1)
      bson (>= 1.3.1)
    msgpack (0.4.5)
    multi_json (1.0.3)
    pry (0.9.2)
      coderay (>= 0.9.8)
      method_source (>= 0.6.0)
      ruby_parser (>= 2.0.5)
      slop (~> 1.9.0)
    rack (1.3.2)
    rack-accept-media-types (0.9)
    rack-contrib (1.1.0)
      rack (>= 0.9.1)
    rack-respond_to (0.9.8)
      rack-accept-media-types (>= 0.6)
    rspec (2.6.0)
      rspec-core (~> 2.6.0)
      rspec-expectations (~> 2.6.0)
      rspec-mocks (~> 2.6.0)
    rspec-core (2.6.4)
    rspec-expectations (2.6.0)
      diff-lcs (~> 1.1.2)
    rspec-mocks (2.6.0)
    ruby_parser (2.0.6)
      sexp_processor (~> 3.0)
    sexp_processor (3.0.5)
    slop (1.9.1)
    url_mount (0.2.1)
      rack
    yajl-ruby (0.8.2)

PLATFORMS
  ruby

DEPENDENCIES
  amqp (~> 0.8.0.RC13)
  bson_ext
  em-http-request (>= 1.0.0.beta.1)
  em-mongo (~> 0.4.0)
  em-synchrony!
  goliath!
  i18n
  mongo
  msgpack
  pry
  rspec
  wonkavision!
  yajl-ruby
